GEM
  remote: https://rubygems.org/
  specs:
    digest (0.0.1)
    mysql (2.9.1)
    rsync (1.0.9)
    sequel (4.26.0)
    seven_zip_ruby (1.2.4)
    thor (0.19.1)

PLATFORMS
  ruby

DEPENDENCIES
  digest
  mysql
  rsync
  sequel
  seven_zip_ruby
  thor
